PATH
  remote: .
  specs:
    active_pdftk (0.1.0)
      builder (>= 2.1.2)

GEM
  remote: http://rubygems.org/
  specs:
    builder (3.0.0)
    diff-lcs (1.1.2)
    rake (0.8.7)
    rspec (2.6.0)
      rspec-core (~> 2.6.0)
      rspec-expectations (~> 2.6.0)
      rspec-mocks (~> 2.6.0)
    rspec-core (2.6.4)
    rspec-expectations (2.6.0)
      diff-lcs (~> 1.1.2)
    rspec-mocks (2.6.0)
    yard (0.7.2)

PLATFORMS
  ruby

DEPENDENCIES
  active_pdftk!
  rake (>= 0.8.7)
  rspec (~> 2.6.0)
  yard
